GEM
  remote: https://rubygems.org/
  specs:
    addressable (2.3.5)
    crack (0.4.1)
      safe_yaml (~> 0.9.0)
    json (1.8.1)
    minitest (5.0.8)
    safe_yaml (0.9.7)
    webmock (1.15.1)
      addressable (>= 2.2.7)
      crack (>= 0.3.2)

PLATFORMS
  ruby

DEPENDENCIES
  json (= 1.8.1)
  minitest (= 5.0.8)
  webmock (= 1.15.1)
